GEM
  remote: https://rubygems.org/
  specs:
    equatable (0.6.1)
    pastel (0.7.3)
      equatable (~> 0.6)
      tty-color (~> 0.5)
    tty-color (0.5.0)
    tty-logger (0.2.0)
      pastel (~> 0.7.0)
    yard (0.9.20)

PLATFORMS
  ruby

DEPENDENCIES
  tty-logger
  yard

RUBY VERSION
   ruby 2.5.0p0

BUNDLED WITH
   2.0.2
